GEM
  remote: http://rubygems.org/
  specs:
    diff-lcs (1.3)
    filewatcher (0.5.4)
      trollop (~> 2.0)
    mini_portile2 (2.1.0)
    nokogiri (1.7.0.1)
      mini_portile2 (~> 2.1.0)
    rspec (3.5.0)
      rspec-core (~> 3.5.0)
      rspec-expectations (~> 3.5.0)
      rspec-mocks (~> 3.5.0)
    rspec-core (3.5.4)
      rspec-support (~> 3.5.0)
    rspec-expectations (3.5.0)
      diff-lcs (>= 1.2.0, < 2.0)
      rspec-support (~> 3.5.0)
    rspec-mocks (3.5.0)
      diff-lcs (>= 1.2.0, < 2.0)
      rspec-support (~> 3.5.0)
    rspec-support (3.5.0)
    trollop (2.1.2)

PLATFORMS
  ruby

DEPENDENCIES
  filewatcher (~> 0.5.3)
  nokogiri (~> 1.6, >= 1.6.8)
  rspec (~> 3.0)

BUNDLED WITH
   1.14.3
